RESTRICTION: || (== net40) (== net461)
NUGET
  remote: https://www.nuget.org/api/v2
    Argu (5.0.1) - restriction: || (&& (== net40) (>= net461)) (&& (== net40) (>= netstandard1.6)) (== net461)
      FSharp.Core (>= 4.0.0.1) - restriction: || (&& (== net40) (>= net45)) (== net461)
    Expecto (5.1.2)
      Argu (>= 3.7) - restriction: || (&& (== net40) (>= net461)) (&& (== net40) (>= netstandard1.6)) (== net461)
      FSharp.Core (>= 4.1.18) - restriction: || (&& (== net40) (>= net461)) (&& (== net40) (>= netstandard1.6)) (== net461)
      Mono.Cecil (>= 0.10.0-beta7) - restriction: || (&& (== net40) (>= net461)) (&& (== net40) (>= netstandard1.6)) (== net461)
      System.ValueTuple (>= 4.4) - restriction: || (&& (== net40) (>= net461)) (&& (== net40) (>= netstandard1.6)) (== net461)
    Expecto.VisualStudio.TestAdapter (6.0.1) - version_in_path: true
      Argu (>= 3.7) - restriction: || (&& (== net40) (>= net461)) (== net461)
      Expecto (>= 5.1.2 < 6.0) - restriction: || (&& (== net40) (>= net461)) (== net461)
      FSharp.Core (>= 4.1.18) - restriction: || (&& (== net40) (>= net461)) (== net461)
      Microsoft.TestPlatform.ObjectModel (>= 15.5) - restriction: || (&& (== net40) (>= net461)) (== net461)
      Mono.Cecil (>= 0.10.0-beta7) - restriction: || (&& (== net40) (>= net461)) (== net461)
      Newtonsoft.Json (>= 10.0.3) - restriction: || (&& (== net40) (>= net461)) (== net461)
    FAKE (4.64.6)
    FParsec (1.0.3)
      FSharp.Core (>= 4.0.0.1)
    FSharp.Compiler.Service (2.0.0.6)
    FSharp.Core (4.1.18) - redirects: force
    FSharp.Formatting (2.14.4)
      FSharp.Compiler.Service (2.0.0.6)
      FSharpVSPowerTools.Core (>= 2.3 < 2.4)
    FSharpVSPowerTools.Core (2.3)
      FSharp.Compiler.Service (>= 2.0.0.3)
    MathNet.Numerics (3.20.2)
    MathNet.Numerics.FSharp (3.20.2)
      FSharp.Core (>= 3.1.2.5)
      MathNet.Numerics (3.20.2)
    Microsoft.NETCore.Platforms (2.0.1) - version_in_path: true, restriction: || (&& (== net40) (>= net461)) (== net461)
    Microsoft.TestPlatform.ObjectModel (15.6.0) - version_in_path: true, restriction: || (&& (== net40) (>= net461)) (== net461)
      System.Reflection.Metadata (>= 1.3) - restriction: || (&& (== net40) (>= net451)) (&& (== net40) (>= netstandard1.5)) (== net461)
      System.Runtime.InteropServices.RuntimeInformation (>= 4.3) - restriction: || (&& (== net40) (>= net451)) (== net461)
    Mono.Cecil (0.10.0-beta7) - restriction: || (&& (== net40) (>= net461)) (&& (== net40) (>= netstandard1.6)) (== net461)
    NETStandard.Library (2.0.1) - version_in_path: true, restriction: || (&& (== net40) (>= net461)) (== net461)
      Microsoft.NETCore.Platforms (>= 1.1) - restriction: || (&& (== net40) (>= monoandroid)) (&& (== net40) (>= monotouch)) (&& (== net40) (>= net45)) (&& (== net40) (>= net451)) (&& (== net40) (>= net46)) (&& (== net40) (>= net461)) (&& (== net40) (>= netcoreapp2.0)) (&& (== net40) (>= netstandard1.0)) (&& (== net40) (>= netstandard1.1)) (&& (== net40) (>= netstandard1.2)) (&& (== net40) (>= netstandard1.3)) (&& (== net40) (>= netstandard1.4)) (&& (== net40) (>= netstandard1.5)) (&& (== net40) (>= netstandard1.6)) (&& (== net40) (>= netstandard2.0)) (&& (== net40) (>= portable-net45+win8+wp8+wpa81)) (&& (== net40) (>= portable-net45+win8+wpa81)) (&& (== net40) (>= portable-net451+win81+wpa81)) (&& (== net40) (>= uap10.0)) (&& (== net40) (>= wpa81)) (&& (== net40) (>= xamarinios)) (&& (== net40) (>= xamarinmac)) (&& (== net40) (>= xamarintvos)) (&& (== net40) (>= xamarinwatchos)) (== net461)
    Newtonsoft.Json (11.0.1) - version_in_path: true, restriction: || (&& (== net40) (>= net461)) (== net461)
    NuGet.CommandLine (4.5.1)
    System.Collections.Immutable (1.4.0) - version_in_path: true, restriction: || (&& (== net40) (>= net461)) (== net461)
      NETStandard.Library (>= 1.6.1) - restriction: || (&& (== net40) (>= netstandard1.0)) (== net461)
    System.Reflection.Metadata (1.5.0) - version_in_path: true, restriction: || (&& (== net40) (>= net461)) (== net461)
      NETStandard.Library (>= 1.6.1) - restriction: || (&& (== net40) (>= netstandard1.1)) (== net461)
      System.Collections.Immutable (>= 1.4) - restriction: || (&& (== net40) (>= monoandroid)) (&& (== net40) (>= monotouch)) (&& (== net40) (>= netstandard1.1)) (&& (== net40) (>= netstandard2.0)) (&& (== net40) (>= portable-net45+win8)) (&& (== net40) (>= portable-net45+win8+wpa81)) (&& (== net40) (>= xamarinios)) (&& (== net40) (>= xamarinmac)) (&& (== net40) (>= xamarintvos)) (&& (== net40) (>= xamarinwatchos)) (== net461)
    System.Runtime.InteropServices.RuntimeInformation (4.3.0) - version_in_path: true, restriction: || (&& (== net40) (>= net461)) (== net461)
    System.ValueTuple (4.4) - restriction: || (&& (== net40) (>= net461)) (&& (== net40) (>= netstandard1.6)) (== net461)
